GEM
  remote: https://rubygems.org/
  specs:
    daemon_controller (1.2.0)
    fastthread (1.0.7)
    passenger (3.0.21)
      daemon_controller (>= 1.0.0)
      fastthread (>= 1.0.1)
      rack
      rake (>= 0.8.1)
    rack (1.5.2)
    rake (10.4.1)

PLATFORMS
  ruby

DEPENDENCIES
  passenger (< 4)
